GIT
  remote: https://github.com/nosia-ai/ruby-openai.git
  revision: 90f8d43a532e4803352293edb9d49f49fed81091
  specs:
    ruby-openai (8.1.0)
      event_stream_parser (>= 0.3.0, < 2.0.0)
      faraday (>= 1)
      faraday-multipart (>= 1)

GIT
  remote: https://github.com/patterns-ai-core/langchainrb.git
  revision: 5403cc5ac66aa0d99114827cb4ce15233551e540
  tag: 0.16.1
  specs:
    langchainrb (0.16.1)
      baran (~> 0.1.9)
      json-schema (~> 4)
      matrix
      pragmatic_segmenter (~> 0.3.0)
      zeitwerk (~> 2.5)

GIT
  remote: https://github.com/patterns-ai-core/langchainrb_rails.git
  revision: ea1a7ce5c2b9fe254a86470c709a711d38e37478
  tag: 0.1.12
  specs:
    langchainrb_rails (0.1.12)
      langchainrb (>= 0.7, < 0.17)

GIT
  remote: https://github.com/rails/mission_control-jobs.git
  revision: 58893d968189b494170f558ade76514804eb33ca
  branch: main
  specs:
    mission_control-jobs (1.0.2)
      actioncable (>= 7.1)
      actionpack (>= 7.1)
      activejob (>= 7.1)
      activerecord (>= 7.1)
      importmap-rails (>= 1.2.1)
      irb (~> 1.13)
      railties (>= 7.1)
      stimulus-rails
      turbo-rails

GEM
  remote: https://rubygems.org/
  specs:
    Ascii85 (2.0.1)
    actioncable (8.0.2)
      actionpack (= 8.0.2)
      activesupport (= 8.0.2)
      nio4r (~> 2.0)
      websocket-driver (>= 0.6.1)
      zeitwerk (~> 2.6)
    actioncable-enhanced-postgresql-adapter (1.0.1)
      actioncable (>= 6.0)
      connection_pool (>= 2.2.5)
      pg (~> 1.5)
    actionmailbox (8.0.2)
      actionpack (= 8.0.2)
      activejob (= 8.0.2)
      activerecord (= 8.0.2)
      activestorage (= 8.0.2)
      activesupport (= 8.0.2)
      mail (>= 2.8.0)
    actionmailer (8.0.2)
      actionpack (= 8.0.2)
      actionview (= 8.0.2)
      activejob (= 8.0.2)
      activesupport (= 8.0.2)
      mail (>= 2.8.0)
      rails-dom-testing (~> 2.2)
    actionpack (8.0.2)
      actionview (= 8.0.2)
      activesupport (= 8.0.2)
      nokogiri (>= 1.8.5)
      rack (>= 2.2.4)
      rack-session (>= 1.0.1)
      rack-test (>= 0.6.3)
      rails-dom-testing (~> 2.2)
      rails-html-sanitizer (~> 1.6)
      useragent (~> 0.16)
    actiontext (8.0.2)
      actionpack (= 8.0.2)
      activerecord (= 8.0.2)
      activestorage (= 8.0.2)
      activesupport (= 8.0.2)
      globalid (>= 0.6.0)
      nokogiri (>= 1.8.5)
    actionview (8.0.2)
      activesupport (= 8.0.2)
      builder (~> 3.1)
      erubi (~> 1.11)
      rails-dom-testing (~> 2.2)
      rails-html-sanitizer (~> 1.6)
    activejob (8.0.2)
      activesupport (= 8.0.2)
      globalid (>= 0.3.6)
    activemodel (8.0.2)
      activesupport (= 8.0.2)
    activerecord (8.0.2)
      activemodel (= 8.0.2)
      activesupport (= 8.0.2)
      timeout (>= 0.4.0)
    activestorage (8.0.2)
      actionpack (= 8.0.2)
      activejob (= 8.0.2)
      activerecord (= 8.0.2)
      activesupport (= 8.0.2)
      marcel (~> 1.0)
    activesupport (8.0.2)
      base64
      benchmark (>= 0.3)
      bigdecimal
      concurrent-ruby (~> 1.0, >= 1.3.1)
      connection_pool (>= 2.2.5)
      drb
      i18n (>= 1.6, < 2)
      logger (>= 1.4.2)
      minitest (>= 5.1)
      securerandom (>= 0.3)
      tzinfo (~> 2.0, >= 2.0.5)
      uri (>= 0.13.1)
    acts_as_tenant (1.0.1)
      rails (>= 6.0)
    addressable (2.8.7)
      public_suffix (>= 2.0.2, < 7.0)
    afm (0.2.2)
    ast (2.4.2)
    baran (0.1.12)
    base64 (0.3.0)
    bcrypt (3.1.20)
    bcrypt_pbkdf (1.1.1)
    bcrypt_pbkdf (1.1.1-arm64-darwin)
    bcrypt_pbkdf (1.1.1-x86_64-darwin)
    benchmark (0.4.1)
    bigdecimal (3.2.2)
    bindex (0.8.1)
    bootsnap (1.18.4)
      msgpack (~> 1.2)
    brakeman (7.1.0)
      racc
    builder (3.3.0)
    bundler-audit (0.9.2)
      bundler (>= 1.2.0, < 3)
      thor (~> 1.0)
    capybara (3.40.0)
      addressable
      matrix
      mini_mime (>= 0.1.3)
      nokogiri (~> 1.11)
      rack (>= 1.6.0)
      rack-test (>= 0.6.3)
      regexp_parser (>= 1.5, < 3.0)
      xpath (~> 3.2)
    commonmarker (2.3.1)
      rb_sys (~> 0.9)
    commonmarker (2.3.1-aarch64-linux)
    commonmarker (2.3.1-arm64-darwin)
    commonmarker (2.3.1-x86_64-darwin)
    commonmarker (2.3.1-x86_64-linux)
    concurrent-ruby (1.3.5)
    connection_pool (2.5.3)
    crass (1.0.6)
    date (3.4.1)
    debug (1.11.0)
      irb (~> 1.10)
      reline (>= 0.3.8)
    dockerfile-rails (1.7.10)
      rails (>= 3.0.0)
    dotenv (3.1.8)
    drb (2.2.3)
    ed25519 (1.4.0)
    erb (5.0.2)
    erubi (1.13.1)
    et-orbi (1.2.11)
      tzinfo
    event_stream_parser (1.0.0)
    faraday (2.12.3)
      faraday-net_http (>= 2.0, < 3.5)
      json
      logger
    faraday-multipart (1.1.1)
      multipart-post (~> 2.0)
    faraday-net_http (3.4.1)
      net-http (>= 0.5.0)
    feedjira (3.2.6)
      logger (>= 1.0, < 2)
      loofah (>= 2.3.1, < 3)
      sax-machine (>= 1.0, < 2)
    fugit (1.11.1)
      et-orbi (~> 1, >= 1.2.11)
      raabro (~> 1.4)
    globalid (1.2.1)
      activesupport (>= 6.1)
    hashery (2.1.2)
    i18n (1.14.7)
      concurrent-ruby (~> 1.0)
    importmap-rails (2.2.0)
      actionpack (>= 6.0.0)
      activesupport (>= 6.0.0)
      railties (>= 6.0.0)
    inline_svg (1.10.0)
      activesupport (>= 3.0)
      nokogiri (>= 1.6)
    io-console (0.8.1)
    irb (1.15.2)
      pp (>= 0.6.0)
      rdoc (>= 4.0.0)
      reline (>= 0.4.2)
    jbuilder (2.13.0)
      actionview (>= 5.0.0)
      activesupport (>= 5.0.0)
    json (2.13.2)
    json-schema (4.3.1)
      addressable (>= 2.8)
    kamal (2.7.0)
      activesupport (>= 7.0)
      base64 (~> 0.2)
      bcrypt_pbkdf (~> 1.0)
      concurrent-ruby (~> 1.2)
      dotenv (~> 3.1)
      ed25519 (~> 1.4)
      net-ssh (~> 7.3)
      sshkit (>= 1.23.0, < 2.0)
      thor (~> 1.3)
      zeitwerk (>= 2.6.18, < 3.0)
    language_server-protocol (3.17.0.4)
    lint_roller (1.1.0)
    logger (1.7.0)
    loofah (2.24.1)
      crass (~> 1.0.2)
      nokogiri (>= 1.12.0)
    mail (2.8.1)
      mini_mime (>= 0.1.1)
      net-imap
      net-pop
      net-smtp
    mailbin (1.0.0)
      importmap-rails
      rails (>= 7.1.0)
      turbo-rails
    marcel (1.0.4)
    matrix (0.4.2)
    mini_mime (1.1.5)
    mini_portile2 (2.8.9)
    minitest (5.25.5)
    msgpack (1.8.0)
    multipart-post (2.4.1)
    neighbor (0.6.0)
      activerecord (>= 7.1)
    net-http (0.6.0)
      uri
    net-imap (0.5.9)
      date
      net-protocol
    net-pop (0.1.2)
      net-protocol
    net-protocol (0.2.2)
      timeout
    net-scp (4.1.0)
      net-ssh (>= 2.6.5, < 8.0.0)
    net-sftp (4.0.0)
      net-ssh (>= 5.0.0, < 8.0.0)
    net-smtp (0.5.1)
      net-protocol
    net-ssh (7.3.0)
    nio4r (2.7.4)
    nokogiri (1.18.9)
      mini_portile2 (~> 2.8.2)
      racc (~> 1.4)
    nokogiri (1.18.9-aarch64-linux-gnu)
      racc (~> 1.4)
    nokogiri (1.18.9-arm-linux-gnu)
      racc (~> 1.4)
    nokogiri (1.18.9-arm64-darwin)
      racc (~> 1.4)
    nokogiri (1.18.9-x86_64-darwin)
      racc (~> 1.4)
    nokogiri (1.18.9-x86_64-linux-gnu)
      racc (~> 1.4)
    ostruct (0.6.3)
    parallel (1.26.3)
    parser (3.3.7.1)
      ast (~> 2.4.1)
      racc
    passwordless (1.8.1)
      bcrypt (>= 3.1.11)
      rails (>= 5.1.4)
    pdf-reader (2.14.1)
      Ascii85 (>= 1.0, < 3.0, != 2.0.0)
      afm (~> 0.2.1)
      hashery (~> 2.0)
      ruby-rc4
      ttfunk
    pg (1.6.0)
    pg (1.6.0-aarch64-linux)
    pg (1.6.0-arm64-darwin)
    pg (1.6.0-x86_64-darwin)
    pg (1.6.0-x86_64-linux)
    pgvector (0.3.2)
    pp (0.6.2)
      prettyprint
    pragmatic_segmenter (0.3.24)
    prettyprint (0.2.0)
    propshaft (1.1.0)
      actionpack (>= 7.0.0)
      activesupport (>= 7.0.0)
      rack
      railties (>= 7.0.0)
    psych (5.2.6)
      date
      stringio
    public_suffix (6.0.1)
    puma (6.6.0)
      nio4r (~> 2.0)
    pundit (2.5.0)
      activesupport (>= 3.0.0)
    raabro (1.4.0)
    racc (1.8.1)
    rack (3.1.16)
    rack-session (2.1.1)
      base64 (>= 0.1.0)
      rack (>= 3.0.0)
    rack-test (2.2.0)
      rack (>= 1.3)
    rackup (2.2.1)
      rack (>= 3)
    rails (8.0.2)
      actioncable (= 8.0.2)
      actionmailbox (= 8.0.2)
      actionmailer (= 8.0.2)
      actionpack (= 8.0.2)
      actiontext (= 8.0.2)
      actionview (= 8.0.2)
      activejob (= 8.0.2)
      activemodel (= 8.0.2)
      activerecord (= 8.0.2)
      activestorage (= 8.0.2)
      activesupport (= 8.0.2)
      bundler (>= 1.15.0)
      railties (= 8.0.2)
    rails-dom-testing (2.3.0)
      activesupport (>= 5.0.0)
      minitest
      nokogiri (>= 1.6)
    rails-html-sanitizer (1.6.2)
      loofah (~> 2.21)
      nokogiri (>= 1.15.7, != 1.16.7, != 1.16.6, != 1.16.5, != 1.16.4, != 1.16.3, != 1.16.2, != 1.16.1, != 1.16.0.rc1, != 1.16.0)
    railties (8.0.2)
      actionpack (= 8.0.2)
      activesupport (= 8.0.2)
      irb (~> 1.13)
      rackup (>= 1.0.0)
      rake (>= 12.2)
      thor (~> 1.0, >= 1.2.2)
      zeitwerk (~> 2.6)
    rainbow (3.1.1)
    rake (13.3.0)
    rb_sys (0.9.106)
    rdoc (6.14.2)
      erb
      psych (>= 4.0.0)
    redis (5.4.1)
      redis-client (>= 0.22.0)
    redis-client (0.25.1)
      connection_pool
    regexp_parser (2.10.0)
    reline (0.6.2)
      io-console (~> 0.5)
    reverse_markdown (3.0.0)
      nokogiri
    rexml (3.4.1)
    rss (0.3.1)
      rexml
    rubocop (1.74.0)
      json (~> 2.3)
      language_server-protocol (~> 3.17.0.2)
      lint_roller (~> 1.1.0)
      parallel (~> 1.10)
      parser (>= 3.3.0.2)
      rainbow (>= 2.2.2, < 4.0)
      regexp_parser (>= 2.9.3, < 3.0)
      rubocop-ast (>= 1.38.0, < 2.0)
      ruby-progressbar (~> 1.7)
      unicode-display_width (>= 2.4.0, < 4.0)
    rubocop-ast (1.38.1)
      parser (>= 3.3.1.0)
    rubocop-performance (1.24.0)
      lint_roller (~> 1.1)
      rubocop (>= 1.72.1, < 2.0)
      rubocop-ast (>= 1.38.0, < 2.0)
    rubocop-rails (2.30.3)
      activesupport (>= 4.2.0)
      lint_roller (~> 1.1)
      rack (>= 1.1)
      rubocop (>= 1.72.1, < 2.0)
      rubocop-ast (>= 1.38.0, < 2.0)
    rubocop-rails-omakase (1.1.0)
      rubocop (>= 1.72)
      rubocop-performance (>= 1.24)
      rubocop-rails (>= 2.30)
    ruby-progressbar (1.13.0)
    ruby-rc4 (0.1.5)
    rubyzip (2.4.1)
    sax-machine (1.3.2)
    securerandom (0.4.1)
    selenium-webdriver (4.34.0)
      base64 (~> 0.2)
      logger (~> 1.4)
      rexml (~> 3.2, >= 3.2.5)
      rubyzip (>= 1.2.2, < 3.0)
      websocket (~> 1.0)
    sequel (5.94.0)
      bigdecimal
    solid_queue (1.2.1)
      activejob (>= 7.1)
      activerecord (>= 7.1)
      concurrent-ruby (>= 1.3.1)
      fugit (~> 1.11.0)
      railties (>= 7.1)
      thor (>= 1.3.1)
    sshkit (1.24.0)
      base64
      logger
      net-scp (>= 1.1.2)
      net-sftp (>= 2.1.2)
      net-ssh (>= 2.8.0)
      ostruct
    stimulus-rails (1.3.4)
      railties (>= 6.0.0)
    stringio (3.1.7)
    tailwindcss-rails (3.3.2)
      railties (>= 7.0.0)
      tailwindcss-ruby (~> 3.0)
    tailwindcss-ruby (3.4.17)
    tailwindcss-ruby (3.4.17-aarch64-linux)
    tailwindcss-ruby (3.4.17-arm-linux)
    tailwindcss-ruby (3.4.17-arm64-darwin)
    tailwindcss-ruby (3.4.17-x86_64-darwin)
    tailwindcss-ruby (3.4.17-x86_64-linux)
    thor (1.4.0)
    thruster (0.1.14)
    thruster (0.1.14-aarch64-linux)
    thruster (0.1.14-arm64-darwin)
    thruster (0.1.14-x86_64-darwin)
    thruster (0.1.14-x86_64-linux)
    tiktoken_ruby (0.0.11.1)
      rb_sys (= 0.9.106)
    tiktoken_ruby (0.0.11.1-aarch64-linux)
    tiktoken_ruby (0.0.11.1-arm-linux)
    tiktoken_ruby (0.0.11.1-arm64-darwin)
    tiktoken_ruby (0.0.11.1-x86_64-darwin)
    tiktoken_ruby (0.0.11.1-x86_64-linux)
    timeout (0.4.3)
    ttfunk (1.8.0)
      bigdecimal (~> 3.1)
    turbo-rails (2.0.13)
      actionpack (>= 7.1.0)
      railties (>= 7.1.0)
    tzinfo (2.0.6)
      concurrent-ruby (~> 1.0)
    unicode-display_width (3.1.4)
      unicode-emoji (~> 4.0, >= 4.0.4)
    unicode-emoji (4.0.4)
    uri (1.0.3)
    useragent (0.16.11)
    web-console (4.2.1)
      actionview (>= 6.0.0)
      activemodel (>= 6.0.0)
      bindex (>= 0.4.0)
      railties (>= 6.0.0)
    websocket (1.2.11)
    websocket-driver (0.8.0)
      base64
      websocket-extensions (>= 0.1.0)
    websocket-extensions (0.1.5)
    xpath (3.2.0)
      nokogiri (~> 1.8)
    zeitwerk (2.7.3)

PLATFORMS
  aarch64-linux
  arm-linux
  arm64-darwin
  x86-linux
  x86_64-darwin
  x86_64-linux

DEPENDENCIES
  actioncable-enhanced-postgresql-adapter
  acts_as_tenant
  baran
  bcrypt (~> 3.1.7)
  bootsnap
  brakeman
  bundler-audit
  capybara
  commonmarker
  debug
  dockerfile-rails
  dotenv
  faraday
  feedjira
  importmap-rails
  inline_svg
  jbuilder
  kamal
  langchainrb!
  langchainrb_rails!
  mailbin
  mission_control-jobs!
  neighbor
  passwordless
  pdf-reader
  pg (~> 1.6)
  pgvector (~> 0.2)
  propshaft
  puma (>= 5.0)
  pundit
  rails (~> 8.0.0)
  redis (>= 4.0.1)
  reverse_markdown
  rss
  rubocop-rails-omakase
  ruby-openai!
  selenium-webdriver
  sequel (~> 5.94.0)
  solid_queue
  stimulus-rails
  tailwindcss-rails (~> 3.3)
  tailwindcss-ruby (~> 3.4)
  thruster
  tiktoken_ruby
  turbo-rails
  tzinfo-data
  web-console

BUNDLED WITH
   2.6.9
